PATH
  remote: .
  specs:
    datasift (3.0.0.beta)
      rest-client (~> 1.6.3)
      websocket-td (~> 0.0.4)

GEM
  remote: https://rubygems.org/
  specs:
    json (1.8.0)
    mime-types (2.0)
    multi_json (1.8.0)
    rdoc (4.0.1)
      json (~> 1.4)
    rest-client (1.6.7)
      mime-types (>= 1.16)
    shoulda (2.11.3)
    test-unit (2.5.5)
    websocket (1.1.1)
    websocket-td (0.0.4)
      websocket (~> 1.1.1)

PLATFORMS
  ruby
  x86-mingw32

DEPENDENCIES
  datasift!
  multi_json (~> 1.8.0)
  rdoc (> 0)
  shoulda (~> 2.11.3)
  test-unit (>= 2.5.5)
